GEM
  remote: http://rubygems.org/
  specs:
    columnize (0.3.4)
    diff-lcs (1.1.3)
    git (1.2.5)
    jeweler (1.6.4)
      bundler (~> 1.0)
      git (>= 1.2.5)
      rake
    linecache (0.46)
      rbx-require-relative (> 0.0.4)
    rake (0.9.2)
    rbx-require-relative (0.0.5)
    rcov (0.9.10)
    rspec (2.6.0)
      rspec-core (~> 2.6.0)
      rspec-expectations (~> 2.6.0)
      rspec-mocks (~> 2.6.0)
    rspec-core (2.6.4)
    rspec-expectations (2.6.0)
      diff-lcs (~> 1.1.2)
    rspec-mocks (2.6.0)
    ruby-debug (0.10.4)
      columnize (>= 0.1)
      ruby-debug-base (~> 0.10.4.0)
    ruby-debug-base (0.10.4)
      linecache (>= 0.3)
    shoulda (2.11.3)

PLATFORMS
  ruby

DEPENDENCIES
  bundler (~> 1.0.0)
  git (~> 1.2.5)
  jeweler (~> 1.6.4)
  rcov
  rspec
  ruby-debug
  shoulda
